PATH
  remote: .
  specs:
    epdq (0.0.1)

GEM
  remote: https://rubygems.org/
  specs:
    rake (10.3.2)
    test-unit (2.5.3)

PLATFORMS
  ruby

DEPENDENCIES
  epdq!
  rake
  test-unit (~> 2.5.3)
